GEM
  remote: https://rubygems.org/
  specs:
    pg (1.2.3)
    redis (4.2.5)

PLATFORMS
  ruby

DEPENDENCIES
  pg
  redis

RUBY VERSION
   ruby 2.5.0p0

BUNDLED WITH
   1.16.1
